{
  "Modality": "MR",
  "MagneticFieldStrength": 3,
  "ImagingFrequency": 127.76552,
  "Manufacturer": "Philips",
  "ManufacturersModelName": "Ingenia CX",
  "InstitutionName": "FUNDACIO PASQUAL MARAGALL",
  "InstitutionalDepartmentName": "RESSONANCIA MAGNETICA",
  "DeviceSerialNumber": "78036",
  "StationName": "PHILIPS-V4HKJ2I",
  "BodyPartExamined": "HEAD",
  "PatientPosition": "HFS",
  "ProcedureStepDescription": "VALAWAI",
  "SoftwareVersions": "5.6.1\\5.6.1.3",
  "MRAcquisitionType": "2D",
  "SeriesDescription": "fMRI_RATEPOL_POLEX",
  "ProtocolName": "fMRI_RATEPOL_POLEX",
  "ScanningSequence": "GR",
  "SequenceVariant": "SK",
  "ScanOptions": "FS",
  "PulseSequenceName": "FEEPI",
  "ImageType": [
    "ORIGINAL",
    "PRIMARY",
    "M",
    "FFE",
    "M",
    "FFE"
  ],
  "SeriesNumber": 501,
  "AcquisitionTime": "13:09:21.260000",
  "AcquisitionNumber": 5,
  "PhilipsRWVSlope": 0.830769,
  "PhilipsRWVIntercept": 0,
  "PhilipsRescaleSlope": 0.830769,
  "PhilipsRescaleIntercept": 0,
  "PhilipsScaleSlope": 0.0268759,
  "UsePhilipsFloatNotDisplayScaling": 1,
  "SliceThickness": 3.1,
  "SpacingBetweenSlices": 3.1,
  "SAR": 0.0542194,
  "EchoTime": 0.035,
  "RepetitionTime": 1.75,
  "MTState": false,
  "FlipAngle": 70,
  "CoilString": "MULTI COIL",
  "PercentPhaseFOV": 100,
  "PercentSampling": 101.316,
  "EchoTrainLength": 51,
  "PhaseEncodingSteps": 76,
  "FrequencyEncodingSteps": 76,
  "PhaseEncodingStepsOutOfPlane": 1,
  "AcquisitionMatrixPE": 76,
  "ReconMatrixPE": 80,
  "ParallelReductionFactorInPlane": 1.5,
  "ParallelAcquisitionTechnique": "MBSENSE",
  "ParallelReductionFactorOutOfPlane": 2,
  "WaterFatShift": 13.9645,
  "EstimatedEffectiveEchoSpacing": 0.000399091,
  "EstimatedTotalReadoutTime": 0.0315282,
  "AcquisitionDuration": 465.423,
  "PixelBandwidth": 3713,
  "PhaseEncodingAxis": "j",
  "ImageOrientationPatientDICOM": [
    0.993874,
    0.110406,
    0.00492411,
    -0.103696,
    0.94703,
    -0.303943
  ],
  "InPlanePhaseEncodingDirectionDICOM": "COL",
  "ConversionSoftware": "dcm2niix",
  "ConversionSoftwareVersion": "v1.0.20230411",
  "TaskName": "ratemepol"
}
