{
	"Modality": "MR",
	"MagneticFieldStrength": 3,
	"ImagingFrequency": 127.765,
	"Manufacturer": "Philips",
	"ManufacturersModelName": "Ingenia_CX",
	"InstitutionName": "FUNDACIO_PASQUAL_MARAGALL",
	"InstitutionalDepartmentName": "RESSONANCIA_MAGNETICA",
	"DeviceSerialNumber": "78036",
	"StationName": "PHILIPS-V4HKJ2I",
	"BodyPartExamined": "HEAD",
	"PatientPosition": "HFS",
	"ProcedureStepDescription": "VALAWAI",
	"SoftwareVersions": "5.6.1_5.6.1.3",
	"MRAcquisitionType": "3D",
	"SeriesDescription": "T1_3D_TFE_POLEX",
	"ProtocolName": "WIP_T1_3D_TFE_POLEX",
	"ScanningSequence": "GR",
	"SequenceVariant": "MP",
	"ScanOptions": "OTHER",
	"ImageType": ["ORIGINAL", "PRIMARY", "M", "FFE", "M", "FFE"],
	"SeriesNumber": 201,
	"AcquisitionTime": "20:07:39.020000",
	"AcquisitionNumber": 2,
	"PhilipsRWVSlope": 5.43932,
	"PhilipsRWVIntercept": 0,
	"PhilipsRescaleSlope": 5.43932,
	"PhilipsRescaleIntercept": 0,
	"PhilipsScaleSlope": 0.0108421,
	"UsePhilipsFloatNotDisplayScaling": 1,
	"SliceThickness": 1,
	"SpacingBetweenSlices": 1,
	"SAR": 0.0178064,
	"EchoTime": 0.003562,
	"RepetitionTime": 0.008,
	"FlipAngle": 8,
	"CoilString": "MULTI_COIL",
	"PercentPhaseFOV": 100,
	"EchoTrainLength": 200,
	"PhaseEncodingSteps": 250,
	"AcquisitionMatrixPE": 250,
	"ReconMatrixPE": 384,
	"PixelBandwidth": 190,
	"ImageOrientationPatientDICOM": [
		-0.00562909,
		0.999437,
		0.0330675,
		0.0234826,
		0.033191,
		-0.999173	],
	"InPlanePhaseEncodingDirectionDICOM": "ROW",
	"ConversionSoftware": "dcm2niix",
	"ConversionSoftwareVersion": "v1.0.20181125  (JP2:OpenJPEG) GCC9.3.0"
}
