{
  "Modality": "MR",
  "MagneticFieldStrength": 3,
  "ImagingFrequency": 127.765,
  "Manufacturer": "Philips",
  "ManufacturersModelName": "Ingenia_CX",
  "InstitutionName": "FUNDACIO_PASQUAL_MARAGALL",
  "InstitutionalDepartmentName": "RESSONANCIA_MAGNETICA",
  "DeviceSerialNumber": "78036",
  "StationName": "PHILIPS-V4HKJ2I",
  "BodyPartExamined": "HEAD",
  "PatientPosition": "HFS",
  "ProcedureStepDescription": "VALAWAI",
  "SoftwareVersions": "5.6.1_5.6.1.3",
  "MRAcquisitionType": "2D",
  "SeriesDescription": "fMRI_RATEPER_POLEX",
  "ProtocolName": "fMRI_RATEPER_POLEX",
  "ScanningSequence": "GR",
  "SequenceVariant": "SK",
  "ScanOptions": "FS",
  "ImageType": [
    "ORIGINAL",
    "PRIMARY",
    "M",
    "FFE",
    "M",
    "FFE"
  ],
  "SeriesNumber": 401,
  "AcquisitionTime": "13:41:18.060000",
  "AcquisitionNumber": 4,
  "PhilipsRWVSlope": 0.769475,
  "PhilipsRWVIntercept": 0,
  "PhilipsRescaleSlope": 0.769475,
  "PhilipsRescaleIntercept": 0,
  "PhilipsScaleSlope": 0.0203118,
  "UsePhilipsFloatNotDisplayScaling": 1,
  "SliceThickness": 3.1,
  "SpacingBetweenSlices": 3.1,
  "SAR": 0.052308,
  "EchoTime": 0.035001,
  "RepetitionTime": 1.75,
  "FlipAngle": 70,
  "CoilString": "MULTI_COIL",
  "PartialFourier": 0.671053,
  "PercentPhaseFOV": 100,
  "EchoTrainLength": 51,
  "PhaseEncodingSteps": 76,
  "AcquisitionMatrixPE": 76,
  "ReconMatrixPE": 80,
  "PixelBandwidth": 3715,
  "PhaseEncodingAxis": "j",
  "ImageOrientationPatientDICOM": [
    0.991885,
    0.00510693,
    0.127032,
    0.0316442,
    0.957829,
    -0.28559
  ],
  "InPlanePhaseEncodingDirectionDICOM": "COL",
  "ConversionSoftware": "dcm2niix",
  "ConversionSoftwareVersion": "v1.0.20181125  (JP2:OpenJPEG) GCC9.3.0",
  "TaskName": "ratemeper"
}
