{
  "Modality": "MR",
  "MagneticFieldStrength": 3,
  "ImagingFrequency": 127.765472,
  "Manufacturer": "Philips",
  "ManufacturersModelName": "Ingenia CX",
  "InstitutionName": "FUNDACIO PASQUAL MARAGALL",
  "InstitutionalDepartmentName": "RESSONANCIA MAGNETICA",
  "DeviceSerialNumber": "78036",
  "StationName": "PHILIPS-V4HKJ2I",
  "BodyPartExamined": "HEAD",
  "PatientPosition": "HFS",
  "ProcedureStepDescription": "VALAWAI",
  "SoftwareVersions": "5.6.1\\5.6.1.3",
  "MRAcquisitionType": "2D",
  "SeriesDescription": "fMRI_RATEPER_POLEX",
  "ProtocolName": "fMRI_RATEPER_POLEX",
  "ScanningSequence": "GR",
  "SequenceVariant": "SK",
  "ScanOptions": "FS",
  "PulseSequenceName": "FEEPI",
  "ImageType": [
    "ORIGINAL",
    "PRIMARY",
    "M",
    "FFE",
    "M",
    "FFE"
  ],
  "SeriesNumber": 601,
  "AcquisitionTime": "12:12:14.130000",
  "AcquisitionNumber": 6,
  "PhilipsRWVSlope": 0.903785,
  "PhilipsRWVIntercept": 0,
  "PhilipsRescaleSlope": 0.903785,
  "PhilipsRescaleIntercept": 0,
  "PhilipsScaleSlope": 0.0230375,
  "UsePhilipsFloatNotDisplayScaling": 1,
  "SliceThickness": 3.1,
  "SpacingBetweenSlices": 3.1,
  "SAR": 0.0531248,
  "EchoTime": 0.035001,
  "RepetitionTime": 1.75,
  "MTState": false,
  "FlipAngle": 70,
  "CoilString": "MULTI COIL",
  "PercentPhaseFOV": 100,
  "PercentSampling": 101.316,
  "EchoTrainLength": 51,
  "PhaseEncodingSteps": 76,
  "FrequencyEncodingSteps": 76,
  "PhaseEncodingStepsOutOfPlane": 1,
  "AcquisitionMatrixPE": 76,
  "ReconMatrixPE": 80,
  "ParallelReductionFactorInPlane": 1.5,
  "ParallelAcquisitionTechnique": "MBSENSE",
  "ParallelReductionFactorOutOfPlane": 2,
  "WaterFatShift": 13.978,
  "EstimatedEffectiveEchoSpacing": 0.000399479,
  "EstimatedTotalReadoutTime": 0.0315588,
  "AcquisitionDuration": 465.423,
  "PixelBandwidth": 3704,
  "PhaseEncodingAxis": "j",
  "ImageOrientationPatientDICOM": [
    0.998367,
    0.00116624,
    0.0571118,
    0.00923651,
    0.98334,
    -0.181543
  ],
  "InPlanePhaseEncodingDirectionDICOM": "COL",
  "ConversionSoftware": "dcm2niix",
  "ConversionSoftwareVersion": "v1.0.20230411",
  "TaskName": "ratemeper"
}
