{
	"Modality": "MR",
	"MagneticFieldStrength": 3,
	"ImagingFrequency": 127.765448,
	"Manufacturer": "Philips",
	"ManufacturersModelName": "Ingenia CX",
	"InstitutionName": "FUNDACIO PASQUAL MARAGALL",
	"InstitutionalDepartmentName": "RESSONANCIA MAGNETICA",
	"DeviceSerialNumber": "78036",
	"StationName": "PHILIPS-V4HKJ2I",
	"BodyPartExamined": "HEAD",
	"PatientPosition": "HFS",
	"ProcedureStepDescription": "VALAWAI",
	"SoftwareVersions": "5.6.1\\5.6.1.3",
	"MRAcquisitionType": "3D",
	"SeriesDescription": "T1_3D_TFE_POLEX",
	"ProtocolName": "WIP T1_3D_TFE_POLEX",
	"ScanningSequence": "GR",
	"SequenceVariant": "MP",
	"ScanOptions": "OTHER",
	"PulseSequenceName": "TFE",
	"ImageType": ["ORIGINAL", "PRIMARY", "M", "FFE", "M", "FFE"],
	"SeriesNumber": 301,
	"AcquisitionTime": "11:56:37.250000",
	"AcquisitionNumber": 3,
	"PhilipsRWVSlope": 4.99829,
	"PhilipsRWVIntercept": 0,
	"PhilipsRescaleSlope": 4.99829,
	"PhilipsRescaleIntercept": 0,
	"PhilipsScaleSlope": 0.0113617,
	"UsePhilipsFloatNotDisplayScaling": 1,
	"SliceThickness": 1,
	"SpacingBetweenSlices": 1,
	"SAR": 0.0181527,
	"EchoTime": 0.003574,
	"RepetitionTime": 0.008,
	"MTState": false,
	"FlipAngle": 8,
	"CoilString": "MULTI COIL",
	"PercentPhaseFOV": 100,
	"PercentSampling": 77.9165,
	"EchoTrainLength": 200,
	"PhaseEncodingSteps": 250,
	"FrequencyEncodingSteps": 252,
	"PhaseEncodingStepsOutOfPlane": 180,
	"AcquisitionMatrixPE": 250,
	"ReconMatrixPE": 384,
	"ParallelReductionFactorInPlane": 1.9,
	"ParallelAcquisitionTechnique": "SENSE",
	"ParallelReductionFactorOutOfPlane": 1.9,
	"WaterFatShift": 2.28574,
	"EstimatedEffectiveEchoSpacing": 1.367e-05,
	"EstimatedTotalReadoutTime": 0.00523562,
	"AcquisitionDuration": 158.058,
	"PixelBandwidth": 190,
	"PhaseEncodingAxis": "i",
	"ImageOrientationPatientDICOM": [
		-0.00853452,
		0.991615,
		0.128942,
		0.0564826,
		0.129219,
		-0.990006	],
	"InPlanePhaseEncodingDirectionDICOM": "ROW",
	"ConversionSoftware": "dcm2niix",
	"ConversionSoftwareVersion": "v1.0.20230411"
}
