{
  "Modality": "MR",
  "MagneticFieldStrength": 3,
  "ImagingFrequency": 127.765472,
  "Manufacturer": "Philips",
  "ManufacturersModelName": "Ingenia CX",
  "InstitutionName": "FUNDACIO PASQUAL MARAGALL",
  "InstitutionalDepartmentName": "RESSONANCIA MAGNETICA",
  "DeviceSerialNumber": "78036",
  "StationName": "PHILIPS-V4HKJ2I",
  "BodyPartExamined": "HEAD",
  "PatientPosition": "HFS",
  "ProcedureStepDescription": "VALAWAI",
  "SoftwareVersions": "5.6.1\\5.6.1.3",
  "MRAcquisitionType": "2D",
  "SeriesDescription": "fMRI_RATEPER_POLEX",
  "ProtocolName": "fMRI_RATEPER_POLEX",
  "ScanningSequence": "GR",
  "SequenceVariant": "SK",
  "ScanOptions": "FS",
  "PulseSequenceName": "FEEPI",
  "ImageType": [
    "ORIGINAL",
    "PRIMARY",
    "M",
    "FFE",
    "M",
    "FFE"
  ],
  "SeriesNumber": 401,
  "AcquisitionTime": "10:17:21.590000",
  "AcquisitionNumber": 4,
  "PhilipsRWVSlope": 0.889866,
  "PhilipsRWVIntercept": 0,
  "PhilipsRescaleSlope": 0.889866,
  "PhilipsRescaleIntercept": 0,
  "PhilipsScaleSlope": 0.026231,
  "UsePhilipsFloatNotDisplayScaling": 1,
  "SliceThickness": 3.1,
  "SpacingBetweenSlices": 3.1,
  "SAR": 0.0544046,
  "EchoTime": 0.035,
  "RepetitionTime": 1.75,
  "MTState": false,
  "FlipAngle": 70,
  "CoilString": "MULTI COIL",
  "PercentPhaseFOV": 100,
  "PercentSampling": 101.316,
  "EchoTrainLength": 51,
  "PhaseEncodingSteps": 76,
  "FrequencyEncodingSteps": 76,
  "PhaseEncodingStepsOutOfPlane": 1,
  "AcquisitionMatrixPE": 76,
  "ReconMatrixPE": 80,
  "ParallelReductionFactorInPlane": 1.5,
  "ParallelAcquisitionTechnique": "MBSENSE",
  "ParallelReductionFactorOutOfPlane": 2,
  "WaterFatShift": 13.9735,
  "EstimatedEffectiveEchoSpacing": 0.00039935,
  "EstimatedTotalReadoutTime": 0.0315486,
  "AcquisitionDuration": 465.423,
  "PixelBandwidth": 3707,
  "PhaseEncodingAxis": "j",
  "ImageOrientationPatientDICOM": [
    0.999266,
    0.00699301,
    0.0376663,
    -0.00119324,
    0.988403,
    -0.151848
  ],
  "InPlanePhaseEncodingDirectionDICOM": "COL",
  "ConversionSoftware": "dcm2niix",
  "ConversionSoftwareVersion": "v1.0.20230411",
  "TaskName": "ratemeper"
}
