{
  "Modality": "MR",
  "MagneticFieldStrength": 3,
  "ImagingFrequency": 127.765,
  "Manufacturer": "Philips",
  "ManufacturersModelName": "Ingenia_CX",
  "InstitutionName": "FUNDACIO_PASQUAL_MARAGALL",
  "InstitutionalDepartmentName": "RESSONANCIA_MAGNETICA",
  "DeviceSerialNumber": "78036",
  "StationName": "PHILIPS-V4HKJ2I",
  "BodyPartExamined": "HEAD",
  "PatientPosition": "HFS",
  "ProcedureStepDescription": "VALAWAI",
  "SoftwareVersions": "5.6.1_5.6.1.3",
  "MRAcquisitionType": "2D",
  "SeriesDescription": "fMRI_CYBER_POLEX",
  "ProtocolName": "fMRI_CYBER_POLEX",
  "ScanningSequence": "GR",
  "SequenceVariant": "SK",
  "ScanOptions": "FS",
  "ImageType": [
    "ORIGINAL",
    "PRIMARY",
    "M",
    "FFE",
    "M",
    "FFE"
  ],
  "SeriesNumber": 401,
  "AcquisitionTime": "11:15:52.750000",
  "AcquisitionNumber": 4,
  "PhilipsRWVSlope": 0.861294,
  "PhilipsRWVIntercept": 0,
  "PhilipsRescaleSlope": 0.861294,
  "PhilipsRescaleIntercept": 0,
  "PhilipsScaleSlope": 0.0187763,
  "UsePhilipsFloatNotDisplayScaling": 1,
  "SliceThickness": 3.1,
  "SpacingBetweenSlices": 3.1,
  "SAR": 0.0547794,
  "EchoTime": 0.035,
  "RepetitionTime": 1.75,
  "FlipAngle": 70,
  "CoilString": "MULTI_COIL",
  "PartialFourier": 0.671053,
  "PercentPhaseFOV": 100,
  "EchoTrainLength": 51,
  "PhaseEncodingSteps": 76,
  "AcquisitionMatrixPE": 76,
  "ReconMatrixPE": 80,
  "PixelBandwidth": 3710,
  "PhaseEncodingAxis": "j",
  "ImageOrientationPatientDICOM": [
    0.993776,
    0.103001,
    0.0424192,
    -0.0865515,
    0.953698,
    -0.288043
  ],
  "InPlanePhaseEncodingDirectionDICOM": "COL",
  "ConversionSoftware": "dcm2niix",
  "ConversionSoftwareVersion": "v1.0.20181125  (JP2:OpenJPEG) GCC9.3.0",
  "TaskName": "cyberball"
}
